GEM
  remote: https://rubygems.org/
  specs:
    algorithms (1.0.0)

PLATFORMS
  ruby

DEPENDENCIES
  algorithms

BUNDLED WITH
   2.1.4
